GEM
  remote: http://rubygems.org/
  specs:
    actionmailer (2.3.5)
      actionpack (= 2.3.5)
    actionpack (2.3.5)
      activesupport (= 2.3.5)
      rack (~> 1.0.0)
    activerecord (2.3.5)
      activesupport (= 2.3.5)
    activeresource (2.3.5)
      activesupport (= 2.3.5)
    activesupport (2.3.5)
    daemon_controller (1.2.0)
    devise (1.0.11)
      warden (~> 0.10.3)
    domain_name (0.5.3)
      unf (~> 0.0.3)
    fastercsv (1.5.5)
    json (1.7.3)
    mechanize (2.5.1)
      domain_name (~> 0.5, >= 0.5.1)
      mime-types (~> 1.17, >= 1.17.2)
      net-http-digest_auth (~> 1.1, >= 1.1.1)
      net-http-persistent (~> 2.5, >= 2.5.2)
      nokogiri (~> 1.4)
      ntlm-http (~> 0.1, >= 0.1.1)
      webrobots (~> 0.0, >= 0.0.9)
    mime-types (1.19)
    mysql2 (0.2.18)
    net-http-digest_auth (1.2.1)
    net-http-persistent (2.7)
    nokogiri (1.5.5)
    ntlm-http (0.1.1)
    passenger (4.0.38)
      daemon_controller (>= 1.2.0)
      rack
      rake (>= 0.8.1)
    pdfkit (0.5.2)
    rack (1.0.1)
    rails (2.3.5)
      actionmailer (= 2.3.5)
      actionpack (= 2.3.5)
      activerecord (= 2.3.5)
      activeresource (= 2.3.5)
      activesupport (= 2.3.5)
      rake (>= 0.8.3)
    rake (0.8.7)
    rcov (1.0.0)
    rdoc (3.8)
    rest-client (1.6.7)
      mime-types (>= 1.16)
    settingslogic (2.0.8)
    unf (0.0.5)
      unf_ext
    unf_ext (0.0.5)
    warden (0.10.7)
      rack (>= 1.0.0)
    webrobots (0.0.13)
    will_paginate (2.3.16)

PLATFORMS
  ruby

DEPENDENCIES
  devise (= 1.0.11)
  fastercsv
  json
  mechanize
  mysql2 (< 0.3)
  passenger
  pdfkit
  rails (= 2.3.5)
  rake (= 0.8.7)
  rcov
  rdoc (= 3.8)
  rest-client
  settingslogic
  warden (= 0.10.7)
  will_paginate (= 2.3.16)
